GEM
  remote: https://rubygems.org/
  specs:
    jekyll-theme-prologue (0.3.3)

PLATFORMS
  x64-mingw32

DEPENDENCIES
  jekyll-theme-prologue

BUNDLED WITH
   2.1.4
